RESTRICTION: == netcoreapp3.1
NUGET
  remote: https://api.nuget.org/v3/index.json
    Amazon.Lambda.Core (1.1)
    Amazon.Lambda.Serialization.SystemTextJson (2.0.1)
      Amazon.Lambda.Core (>= 1.1)
    FSharp.Core (4.7.2)
    FSharp.Data (3.3.3)
      FSharp.Core (>= 4.3.4)

GROUP Tests
NUGET
  remote: https://api.nuget.org/v3/index.json
    Expecto (9.0)
      FSharp.Core (>= 4.6) - restriction: || (>= net461) (>= netstandard2.0)
      Mono.Cecil (>= 0.11.2) - restriction: || (>= net461) (>= netstandard2.0)
    FSharp.Core (4.7.2)
    Mono.Cecil (0.11.2) - restriction: || (>= net461) (>= netstandard2.0)
